GEM
  remote: https://rubygems.org/
  specs:
    RedCloth (4.2.9)
    activesupport (7.0.4.2)
      concurrent-ruby (~> 1.0, >= 1.0.2)
      i18n (>= 1.6, < 2)
      minitest (>= 5.1)
      tzinfo (~> 2.0)
    addressable (2.3.8)
    blankslate (2.1.2.4)
    classifier-reborn (2.0.4)
      fast-stemmer (~> 1.0)
    coffee-script (2.4.1)
      coffee-script-source
      execjs
    coffee-script-source (1.10.0)
    colorator (0.1)
    concurrent-ruby (1.2.0)
    ethon (0.8.1)
      ffi (>= 1.3.0)
    execjs (2.6.0)
    faraday (0.9.2)
      multipart-post (>= 1.2, < 3)
    fast-stemmer (1.0.2)
    ffi (1.9.10)
    gemoji (2.1.0)
    github-pages (43)
      RedCloth (= 4.2.9)
      github-pages-health-check (= 0.6.0)
      jekyll (= 2.4.0)
      jekyll-coffeescript (= 1.0.1)
      jekyll-feed (= 0.3.1)
      jekyll-gist (= 1.4.0)
      jekyll-mentions (= 0.2.1)
      jekyll-paginate (= 1.1.0)
      jekyll-redirect-from (= 0.9.1)
      jekyll-sass-converter (= 1.3.0)
      jekyll-seo-tag (= 0.1.4)
      jekyll-sitemap (= 0.9.0)
      jemoji (= 0.5.0)
      kramdown (= 1.9.0)
      liquid (= 2.6.2)
      maruku (= 0.7.0)
      mercenary (~> 0.3)
      pygments.rb (= 0.6.3)
      rdiscount (= 2.1.8)
      redcarpet (= 3.3.3)
      terminal-table (~> 1.4)
    github-pages-health-check (0.6.0)
      addressable (~> 2.3)
      net-dns (~> 0.8)
      public_suffix (~> 1.4)
      typhoeus (~> 0.7)
    html-pipeline (1.9.0)
      activesupport (>= 2)
      nokogiri (~> 1.8.2)
    i18n (1.12.0)
      concurrent-ruby (~> 1.0)
    jekyll (2.4.0)
      classifier-reborn (~> 2.0)
      colorator (~> 0.1)
      jekyll-coffeescript (~> 1.0)
      jekyll-gist (~> 1.0)
      jekyll-paginate (~> 1.0)
      jekyll-sass-converter (~> 1.0)
      jekyll-watch (~> 1.1)
      kramdown (~> 1.3)
      liquid (~> 2.6.1)
      mercenary (~> 0.3.3)
      pygments.rb (~> 0.6.0)
      redcarpet (~> 3.1)
      safe_yaml (~> 1.0)
      toml (~> 0.1.0)
    jekyll-coffeescript (1.0.1)
      coffee-script (~> 2.2)
    jekyll-feed (0.3.1)
    jekyll-gist (1.4.0)
      octokit (~> 4.2)
    jekyll-mentions (0.2.1)
      html-pipeline (~> 1.9.0)
      jekyll (~> 2.0)
    jekyll-paginate (1.1.0)
    jekyll-redirect-from (0.9.1)
      jekyll (>= 2.0)
    jekyll-sass-converter (1.3.0)
      sass (~> 3.2)
    jekyll-seo-tag (0.1.4)
      jekyll (>= 2.0)
    jekyll-sitemap (0.9.0)
    jekyll-watch (1.3.0)
      listen (~> 3.0)
    jemoji (0.5.0)
      gemoji (~> 2.0)
      html-pipeline (~> 1.9)
      jekyll (>= 2.0)
    kramdown (1.9.0)
    liquid (2.6.2)
    listen (3.0.4)
      rb-fsevent (>= 0.9.3)
      rb-inotify (>= 0.9)
    maruku (0.7.0)
    mercenary (0.3.5)
    minitest (5.17.0)
    multipart-post (2.0.0)
    net-dns (0.8.0)
    nokogiri (1.8.2)
    octokit (4.2.0)
      sawyer (~> 0.6.0, >= 0.5.3)
    parslet (1.5.0)
      blankslate (~> 2.0)
    posix-spawn (0.3.11)
    public_suffix (1.5.3)
    pygments.rb (0.6.3)
      posix-spawn (~> 0.3.6)
      yajl-ruby (~> 1.3.1)
    rb-fsevent (0.9.6)
    rb-inotify (0.9.5)
      ffi (>= 0.5.0)
    rdiscount (2.1.8)
    redcarpet (3.3.3)
    safe_yaml (1.0.4)
    sass (3.4.19)
    sawyer (0.6.0)
      addressable (~> 2.3.5)
      faraday (~> 0.8, < 0.10)
    terminal-table (1.5.2)
    toml (0.1.2)
      parslet (~> 1.5.0)
    typhoeus (0.8.0)
      ethon (>= 0.8.0)
    tzinfo (2.0.6)
      concurrent-ruby (~> 1.0)
    yajl-ruby (1.3.1)

PLATFORMS
  ruby

DEPENDENCIES
  github-pages
  jekyll-redirect-from

BUNDLED WITH
   1.11.2
